PATH
  remote: ../bundler
  specs:
    dependabot-bundler (0.211.0)
      dependabot-common (= 0.211.0)

PATH
  remote: ../cargo
  specs:
    dependabot-cargo (0.211.0)
      dependabot-common (= 0.211.0)

PATH
  remote: ../common
  specs:
    dependabot-common (0.211.0)
      activesupport (>= 6.0.0)
      aws-sdk-codecommit (~> 1.28)
      aws-sdk-ecr (~> 1.5)
      bundler (>= 1.16, < 3.0.0)
      commonmarker (>= 0.20.1, < 0.24.0)
      docker_registry2 (~> 1.11, >= 1.11.0)
      excon (~> 0.75)
      faraday (= 2.6.0)
      gitlab (= 4.19.0)
      nokogiri (~> 1.8)
      octokit (>= 4.6, < 6.0)
      parser (>= 2.5, < 4.0)
      toml-rb (>= 1.1.2, < 3.0)

PATH
  remote: ../composer
  specs:
    dependabot-composer (0.211.0)
      dependabot-common (= 0.211.0)

PATH
  remote: ../docker
  specs:
    dependabot-docker (0.211.0)
      dependabot-common (= 0.211.0)

PATH
  remote: ../elm
  specs:
    dependabot-elm (0.211.0)
      dependabot-common (= 0.211.0)

PATH
  remote: ../git_submodules
  specs:
    dependabot-git_submodules (0.211.0)
      dependabot-common (= 0.211.0)
      parseconfig (~> 1.0, < 1.1.0)

PATH
  remote: ../github_actions
  specs:
    dependabot-github_actions (0.211.0)
      dependabot-common (= 0.211.0)

PATH
  remote: ../go_modules
  specs:
    dependabot-go_modules (0.211.0)
      dependabot-common (= 0.211.0)

PATH
  remote: ../gradle
  specs:
    dependabot-gradle (0.211.0)
      dependabot-common (= 0.211.0)
      dependabot-maven (= 0.211.0)

PATH
  remote: ../hex
  specs:
    dependabot-hex (0.211.0)
      dependabot-common (= 0.211.0)

PATH
  remote: ../maven
  specs:
    dependabot-maven (0.211.0)
      dependabot-common (= 0.211.0)

PATH
  remote: ../npm_and_yarn
  specs:
    dependabot-npm_and_yarn (0.211.0)
      dependabot-common (= 0.211.0)

PATH
  remote: ../nuget
  specs:
    dependabot-nuget (0.211.0)
      dependabot-common (= 0.211.0)

PATH
  remote: ../pub
  specs:
    dependabot-pub (0.211.0)
      dependabot-common (= 0.211.0)

PATH
  remote: ../python
  specs:
    dependabot-python (0.211.0)
      dependabot-common (= 0.211.0)

PATH
  remote: ../terraform
  specs:
    dependabot-terraform (0.211.0)
      dependabot-common (= 0.211.0)

GEM
  remote: https://rubygems.org/
  specs:
    activesupport (7.0.4)
      concurrent-ruby (~> 1.0, >= 1.0.2)
      i18n (>= 1.6, < 2)
      minitest (>= 5.1)
      tzinfo (~> 2.0)
    addressable (2.8.1)
      public_suffix (>= 2.0.2, < 6.0)
    ast (2.4.2)
    aws-eventstream (1.2.0)
    aws-partitions (1.624.0)
    aws-sdk-codecommit (1.51.0)
      aws-sdk-core (~> 3, >= 3.127.0)
      aws-sigv4 (~> 1.1)
    aws-sdk-core (3.137.0)
      aws-eventstream (~> 1, >= 1.0.2)
      aws-partitions (~> 1, >= 1.525.0)
      aws-sigv4 (~> 1.1)
      jmespath (~> 1, >= 1.6.1)
    aws-sdk-ecr (1.56.0)
      aws-sdk-core (~> 3, >= 3.127.0)
      aws-sigv4 (~> 1.1)
    aws-sigv4 (1.5.1)
      aws-eventstream (~> 1, >= 1.0.2)
    citrus (3.0.2)
    commonmarker (0.23.6)
    concurrent-ruby (1.1.10)
    crack (0.4.5)
      rexml
    debug (1.6.2)
      irb (>= 1.3.6)
      reline (>= 0.3.1)
    diff-lcs (1.5.0)
    docker_registry2 (1.12.0)
      rest-client (>= 1.8.0)
    domain_name (0.5.20190701)
      unf (>= 0.0.5, < 1.0.0)
    dotenv (2.8.1)
    excon (0.92.4)
    faraday (2.6.0)
      faraday-net_http (>= 2.0, < 3.1)
      ruby2_keywords (>= 0.0.4)
    faraday-net_http (3.0.1)
    ffi (1.15.5)
    ffi-compiler (1.0.1)
      ffi (>= 1.0.0)
      rake
    gitlab (4.19.0)
      httparty (~> 0.20)
      terminal-table (>= 1.5.1)
    hashdiff (1.0.1)
    http (5.1.0)
      addressable (~> 2.8)
      http-cookie (~> 1.0)
      http-form_data (~> 2.2)
      llhttp-ffi (~> 0.4.0)
    http-accept (1.7.0)
    http-cookie (1.0.5)
      domain_name (~> 0.5)
    http-form_data (2.3.0)
    httparty (0.20.0)
      mime-types (~> 3.0)
      multi_xml (>= 0.5.2)
    i18n (1.12.0)
      concurrent-ruby (~> 1.0)
    io-console (0.5.11)
    irb (1.4.2)
      reline (>= 0.3.0)
    jmespath (1.6.1)
    json (2.6.2)
    licensed (3.7.4)
      bundler (>= 1.10)
      json (>= 2.6.2)
      licensee (>= 9.15.2, < 10.0.0)
      parallel (>= 0.18.0)
      pathname-common_prefix (~> 0.0.1)
      reverse_markdown (>= 1, < 3)
      ruby-xxHash (~> 0.4)
      thor (>= 0.19)
      tomlrb (>= 1.2, < 3.0)
    licensee (9.15.2)
      dotenv (~> 2.0)
      octokit (~> 4.20)
      reverse_markdown (~> 1.0)
      rugged (>= 0.24, < 2.0)
      thor (>= 0.19, < 2.0)
    llhttp-ffi (0.4.0)
      ffi-compiler (~> 1.0)
      rake (~> 13.0)
    mime-types (3.4.1)
      mime-types-data (~> 3.2015)
    mime-types-data (3.2022.0105)
    mini_portile2 (2.8.0)
    minitest (5.16.3)
    multi_xml (0.6.0)
    netrc (0.11.0)
    nokogiri (1.13.8)
      mini_portile2 (~> 2.8.0)
      racc (~> 1.4)
    octokit (4.25.1)
      faraday (>= 1, < 3)
      sawyer (~> 0.9)
    parallel (1.22.1)
    parseconfig (1.0.8)
    parser (3.1.2.1)
      ast (~> 2.4.1)
    pathname-common_prefix (0.0.1)
    public_suffix (5.0.0)
    racc (1.6.0)
    rainbow (3.1.1)
    rake (13.0.6)
    regexp_parser (2.5.0)
    reline (0.3.1)
      io-console (~> 0.5)
    rest-client (2.1.0)
      http-accept (>= 1.7.0, < 2.0)
      http-cookie (>= 1.0.2, < 2.0)
      mime-types (>= 1.16, < 4.0)
      netrc (~> 0.8)
    reverse_markdown (1.4.0)
      nokogiri
    rexml (3.2.5)
    rspec (3.11.0)
      rspec-core (~> 3.11.0)
      rspec-expectations (~> 3.11.0)
      rspec-mocks (~> 3.11.0)
    rspec-core (3.11.0)
      rspec-support (~> 3.11.0)
    rspec-expectations (3.11.0)
      diff-lcs (>= 1.2.0, < 2.0)
      rspec-support (~> 3.11.0)
    rspec-mocks (3.11.0)
      diff-lcs (>= 1.2.0, < 2.0)
      rspec-support (~> 3.11.0)
    rspec-support (3.11.0)
    rubocop (1.36.0)
      json (~> 2.3)
      parallel (~> 1.10)
      parser (>= 3.1.2.1)
      rainbow (>= 2.2.2, < 4.0)
      regexp_parser (>= 1.8, < 3.0)
      rexml (>= 3.2.5, < 4.0)
      rubocop-ast (>= 1.20.1, < 2.0)
      ruby-progressbar (~> 1.7)
      unicode-display_width (>= 1.4.0, < 3.0)
    rubocop-ast (1.21.0)
      parser (>= 3.1.1.0)
    rubocop-performance (1.15.0)
      rubocop (>= 1.7.0, < 2.0)
      rubocop-ast (>= 0.4.0)
    ruby-progressbar (1.11.0)
    ruby-xxHash (0.4.0.2)
    ruby2_keywords (0.0.5)
    rugged (1.5.0.1)
    sawyer (0.9.2)
      addressable (>= 2.3.5)
      faraday (>= 0.17.3, < 3)
    sentry-raven (3.1.2)
      faraday (>= 1.0)
    terminal-table (3.0.2)
      unicode-display_width (>= 1.1.1, < 3)
    thor (1.2.1)
    toml-rb (2.2.0)
      citrus (~> 3.0, > 3.0)
    tomlrb (2.0.3)
    tzinfo (2.0.5)
      concurrent-ruby (~> 1.0)
    unf (0.1.4)
      unf_ext
    unf_ext (0.0.8.2)
    unicode-display_width (2.2.0)
    vcr (6.1.0)
    webmock (3.18.1)
      addressable (>= 2.8.0)
      crack (>= 0.3.2)
      hashdiff (>= 0.4.0, < 2.0.0)

PLATFORMS
  ruby

DEPENDENCIES
  activesupport (~> 7.0.4)
  debug (~> 1.6.2)
  dependabot-bundler!
  dependabot-cargo!
  dependabot-common!
  dependabot-composer!
  dependabot-docker!
  dependabot-elm!
  dependabot-git_submodules!
  dependabot-github_actions!
  dependabot-go_modules!
  dependabot-gradle!
  dependabot-hex!
  dependabot-maven!
  dependabot-npm_and_yarn!
  dependabot-nuget!
  dependabot-pub!
  dependabot-python!
  dependabot-terraform!
  http (~> 5.1)
  licensed (~> 3.7)
  octokit (= 4.25.1)
  rspec (~> 3.11)
  rubocop (~> 1.36.0)
  rubocop-performance (~> 1.15.0)
  sentry-raven (~> 3.1)
  terminal-table (~> 3.0.2)
  vcr (~> 6.1)
  webmock (~> 3.18)

BUNDLED WITH
   2.2.20
